GIT
  remote: git://github.com/NUBIC/surveyor.git
  revision: d4fe8df2586ba26126bac3c4b3498e67ba813baf
  specs:
    surveyor (1.4.1.pre)
      formtastic (~> 2.2.1)
      haml (~> 4.0)
      mustache (~> 0.99)
      rabl (~> 0.6)
      rails (>= 3.2)
      sass
      uuidtools (~> 2.1)

GIT
  remote: git://github.com/kjayma/surveyor_gui.git
  revision: 33ed11a321e30a411f862ad98d3d78150f93bf47
  specs:
    surveyor_gui (0.1.2)
      carrierwave
      colorbox-rails (~> 0.1.1)
      deep_cloneable (~> 2.0.0)
      dynamic_form (~> 1.1.4)
      jquery-form-rails (~> 1.0.1)
      jquery-ui-sass-rails
      lazy_high_charts
      rails (> 4.0.0)
      simple_form (~> 3.0.2)
      surveyor (~> 1.4.1.pre)
      will_paginate (~> 3.0.5)

GIT
  remote: git://github.com/norman/friendly_id-globalize.git
  revision: e45bfd1b178ad08e53b5c6c9b40d5a2520725090
  specs:
    friendly_id-globalize (1.0.0.alpha2)
      friendly_id (~> 5.1.0, < 6.0)

GIT
  remote: git://github.com/sporkrb/spork-rails.git
  revision: 0dd45e59d3237b4c8f9efc215b46d9c07072a95e
  specs:
    spork-rails (4.0.0)
      rails (>= 3.0.0, < 5)
      spork (>= 1.0rc0)

GEM
  remote: https://rubygems.org/
  specs:
    actionmailer (4.1.3)
      actionpack (= 4.1.3)
      actionview (= 4.1.3)
      mail (~> 2.5.4)
    actionpack (4.1.3)
      actionview (= 4.1.3)
      activesupport (= 4.1.3)
      rack (~> 1.5.2)
      rack-test (~> 0.6.2)
    actionview (4.1.3)
      activesupport (= 4.1.3)
      builder (~> 3.1)
      erubis (~> 2.7.0)
    activemodel (4.1.3)
      activesupport (= 4.1.3)
      builder (~> 3.1)
    activerecord (4.1.3)
      activemodel (= 4.1.3)
      activesupport (= 4.1.3)
      arel (~> 5.0.0)
    activesupport (4.1.3)
      i18n (~> 0.6, >= 0.6.9)
      json (~> 1.7, >= 1.7.7)
      minitest (~> 5.1)
      thread_safe (~> 0.1)
      tzinfo (~> 1.1)
    addressable (2.3.7)
    arel (5.0.1.20140414130214)
    aws-sdk (2.0.27)
      aws-sdk-resources (= 2.0.27)
    aws-sdk-core (2.0.27)
      builder (~> 3.0)
      jmespath (~> 1.0)
      multi_json (~> 1.0)
      multi_xml (~> 0.5)
    aws-sdk-resources (2.0.27)
      aws-sdk-core (= 2.0.27)
    batch_translations (0.1.3)
    bcrypt (3.1.10)
    brakeman (3.0.1)
      erubis (~> 2.6)
      fastercsv (~> 1.5)
      haml (>= 3.0, < 5.0)
      highline (~> 1.6.20)
      multi_json (~> 1.2)
      ruby2ruby (~> 2.1.1)
      ruby_parser (~> 3.5.0)
      sass (~> 3.0)
      terminal-table (~> 1.4)
    builder (3.2.2)
    carrierwave (0.10.0)
      activemodel (>= 3.2.0)
      activesupport (>= 3.2.0)
      json (>= 1.7)
      mime-types (>= 1.16)
    celluloid (0.16.0)
      timers (~> 4.0.0)
    childprocess (0.5.5)
      ffi (~> 1.0, >= 1.0.11)
    chunky_png (1.3.4)
    climate_control (0.0.3)
      activesupport (>= 3.0)
    cocaine (0.5.5)
      climate_control (>= 0.0.3, < 1.0)
    coderay (1.1.0)
    coffee-rails (4.0.1)
      coffee-script (>= 2.2.0)
      railties (>= 4.0.0, < 5.0)
    coffee-script (2.3.0)
      coffee-script-source
      execjs
    coffee-script-source (1.9.1)
    colorbox-rails (0.1.2)
      jquery-rails
      rails (>= 3.1.1)
    compass (0.12.7)
      chunky_png (~> 1.2)
      fssm (>= 0.2.7)
      sass (~> 3.2.19)
    compass-rails (2.0.0)
      compass (>= 0.12.2)
    daemons (1.1.9)
    deep_cloneable (2.0.2)
      activerecord (>= 3.1.0, < 5.0.0)
    devise (3.4.1)
      bcrypt (~> 3.0)
      orm_adapter (~> 0.1)
      railties (>= 3.2.6, < 5)
      responders
      thread_safe (~> 0.1)
      warden (~> 1.2.3)
    devise-token_authenticatable (0.3.0)
      devise (~> 3.4.0)
    diff-lcs (1.2.5)
    dynamic_form (1.1.4)
    erubis (2.7.0)
    eventmachine (1.0.7)
    execjs (2.3.0)
    factory_girl (4.5.0)
      activesupport (>= 3.0.0)
    factory_girl_rails (4.5.0)
      factory_girl (~> 4.5.0)
      railties (>= 3.0.0)
    fastercsv (1.5.5)
    ffi (1.9.6)
    formatador (0.2.5)
    formtastic (2.2.1)
      actionpack (>= 3.0)
    friendly_id (5.1.0)
      activerecord (>= 4.0.0)
    fssm (0.2.10)
    globalize (4.0.3)
      activemodel (>= 4.0.0, < 5)
      activerecord (>= 4.0.0, < 5)
    globalize-accessors (0.1.5)
      globalize (>= 3)
    guard (2.12.4)
      formatador (>= 0.2.4)
      listen (~> 2.7)
      lumberjack (~> 1.0)
      nenv (~> 0.1)
      notiffany (~> 0.0)
      pry (>= 0.9.12)
      shellany (~> 0.0)
      thor (>= 0.18.1)
    guard-compat (1.2.1)
    guard-rspec (4.5.0)
      guard (~> 2.1)
      guard-compat (~> 1.1)
      rspec (>= 2.99.0, < 4.0)
    guard-spork (2.1.0)
      childprocess (>= 0.2.3)
      guard (~> 2.0)
      guard-compat (~> 1.0)
      spork (>= 0.8.4)
    haml (4.0.6)
      tilt
    hash-deep-merge (0.1.1)
    highline (1.6.21)
    hike (1.2.3)
    hitimes (1.2.2)
    i18n (0.7.0)
    i18n-country-translations (1.2.1)
      i18n (~> 0.5)
      railties (>= 3.0)
    i18n_country_select (1.1.4)
      i18n (~> 0.5)
      i18n-country-translations (~> 1.0, >= 1.0.3)
      unicode_utils (~> 1.0, >= 1.0.0)
    iso (0.2.1)
      i18n
    jbuilder (2.2.8)
      activesupport (>= 3.0.0, < 5)
      multi_json (~> 1.2)
    jmespath (1.0.2)
      multi_json (~> 1.0)
    jquery-form-rails (1.0.1)
      jquery-rails
    jquery-rails (3.1.2)
      railties (>= 3.0, < 5.0)
      thor (>= 0.14, < 2.0)
    jquery-ui-rails (4.0.3)
      jquery-rails
      railties (>= 3.1.0)
    jquery-ui-sass-rails (4.0.3.0)
      jquery-rails
      jquery-ui-rails (= 4.0.3)
      railties (>= 3.1.0)
    json (1.8.2)
    kaminari (0.16.3)
      actionpack (>= 3.0.0)
      activesupport (>= 3.0.0)
    launchy (2.4.3)
      addressable (~> 2.3)
    lazy_high_charts (1.5.4)
      bundler (>= 1.0)
      hash-deep-merge
    letter_opener (1.3.0)
      launchy (~> 2.2)
    listen (2.8.5)
      celluloid (>= 0.15.2)
      rb-fsevent (>= 0.9.3)
      rb-inotify (>= 0.9)
    lumberjack (1.0.9)
    mail (2.5.4)
      mime-types (~> 1.16)
      treetop (~> 1.4.8)
    mail_form (1.5.0)
      actionmailer (>= 3.2, < 5)
      activemodel (>= 3.2, < 5)
    method_source (0.8.2)
    mime-types (1.25.1)
    minitest (5.5.1)
    multi_json (1.10.1)
    multi_xml (0.5.5)
    mustache (0.99.8)
    nenv (0.2.0)
    notiffany (0.0.6)
      nenv (~> 0.1)
      shellany (~> 0.0)
    orm_adapter (0.5.0)
    paperclip (4.2.1)
      activemodel (>= 3.0.0)
      activesupport (>= 3.0.0)
      cocaine (~> 0.5.3)
      mime-types
    pg (0.18.1)
    polyamorous (1.1.0)
      activerecord (>= 3.0)
    polyglot (0.3.5)
    pry (0.10.1)
      coderay (~> 1.1.0)
      method_source (~> 0.8.1)
      slop (~> 3.4)
    pry-rails (0.3.3)
      pry (>= 0.9.10)
    quiet_assets (1.1.0)
      railties (>= 3.1, < 5.0)
    rabl (0.11.6)
      activesupport (>= 2.3.14)
    rack (1.5.2)
    rack-test (0.6.3)
      rack (>= 1.0)
    rails (4.1.3)
      actionmailer (= 4.1.3)
      actionpack (= 4.1.3)
      actionview (= 4.1.3)
      activemodel (= 4.1.3)
      activerecord (= 4.1.3)
      activesupport (= 4.1.3)
      bundler (>= 1.3.0, < 2.0)
      railties (= 4.1.3)
      sprockets-rails (~> 2.0)
    rails-admin-scaffold (0.1.0)
      rails (>= 4.0)
    rails-footnotes (4.1.5)
      rails (>= 3.2)
    rails-i18n (4.0.3)
      i18n (~> 0.6)
      railties (~> 4.0)
    railties (4.1.3)
      actionpack (= 4.1.3)
      activesupport (= 4.1.3)
      rake (>= 0.8.7)
      thor (>= 0.18.1, < 2.0)
    rake (10.4.2)
    ransack (1.6.3)
      actionpack (>= 3.0)
      activerecord (>= 3.0)
      activesupport (>= 3.0)
      i18n
      polyamorous (~> 1.1)
    rb-fsevent (0.9.4)
    rb-inotify (0.9.5)
      ffi (>= 0.5.0)
    rdoc (4.2.0)
      json (~> 1.4)
    responders (1.1.2)
      railties (>= 3.2, < 4.2)
    route_translator (4.0.0)
      actionpack (>= 3.0, < 5.0)
      activesupport (>= 3.0, < 5.0)
    rspec (3.2.0)
      rspec-core (~> 3.2.0)
      rspec-expectations (~> 3.2.0)
      rspec-mocks (~> 3.2.0)
    rspec-core (3.2.0)
      rspec-support (~> 3.2.0)
    rspec-expectations (3.2.0)
      diff-lcs (>= 1.2.0, < 2.0)
      rspec-support (~> 3.2.0)
    rspec-mocks (3.2.0)
      diff-lcs (>= 1.2.0, < 2.0)
      rspec-support (~> 3.2.0)
    rspec-rails (3.2.0)
      actionpack (>= 3.0, <= 4.2)
      activesupport (>= 3.0, <= 4.2)
      railties (>= 3.0, <= 4.2)
      rspec-core (~> 3.2.0)
      rspec-expectations (~> 3.2.0)
      rspec-mocks (~> 3.2.0)
      rspec-support (~> 3.2.0)
    rspec-support (3.2.1)
    ruby2ruby (2.1.3)
      ruby_parser (~> 3.1)
      sexp_processor (~> 4.0)
    ruby_parser (3.5.0)
      sexp_processor (~> 4.1)
    sass (3.2.19)
    sass-rails (4.0.4)
      railties (>= 4.0.0, < 5.0)
      sass (~> 3.2.2)
      sprockets (~> 2.8, < 2.12)
      sprockets-rails (~> 2.0)
    sdoc (0.4.1)
      json (~> 1.7, >= 1.7.7)
      rdoc (~> 4.0)
    sexp_processor (4.4.5)
    shellany (0.0.1)
    simple_form (3.0.3)
      actionpack (~> 4.0)
      activemodel (~> 4.0)
    slop (3.6.0)
    spork (1.0.0rc4)
    sprockets (2.11.3)
      hike (~> 1.2)
      multi_json (~> 1.0)
      rack (~> 1.0)
      tilt (~> 1.1, != 1.3.0)
    sprockets-rails (2.2.4)
      actionpack (>= 3.0)
      activesupport (>= 3.0)
      sprockets (>= 2.8, < 4.0)
    terminal-notifier-guard (1.6.4)
    terminal-table (1.4.5)
    thin (1.6.3)
      daemons (~> 1.0, >= 1.0.9)
      eventmachine (~> 1.0)
      rack (~> 1.0)
    thor (0.19.1)
    thread_safe (0.3.4)
    tilt (1.4.1)
    timers (4.0.1)
      hitimes
    treetop (1.4.15)
      polyglot
      polyglot (>= 0.3.1)
    twitter-bootstrap-rails (3.2.0)
      actionpack (~> 4.1)
      execjs (~> 2.2)
      rails (~> 4.1)
      railties (~> 4.1)
    tzinfo (1.2.2)
      thread_safe (~> 0.1)
    uglifier (2.7.0)
      execjs (>= 0.3.0)
      json (>= 1.8.0)
    unicode_utils (1.4.0)
    uuidtools (2.1.5)
    warden (1.2.3)
      rack (>= 1.0)
    will_paginate (3.0.7)

PLATFORMS
  ruby

DEPENDENCIES
  aws-sdk
  batch_translations
  brakeman
  coffee-rails (~> 4.0.0)
  compass-rails
  devise
  devise-token_authenticatable (= 0.3.0)
  dynamic_form
  factory_girl_rails
  friendly_id (~> 5.1.0)
  friendly_id-globalize!
  globalize (~> 4.0.3)
  globalize-accessors (~> 0.1.5)
  guard
  guard-rspec
  guard-spork
  i18n-country-translations
  i18n_country_select
  iso
  jbuilder (~> 2.0)
  jquery-rails
  kaminari
  letter_opener
  mail_form
  paperclip (~> 4.1)
  pg
  pry-rails
  quiet_assets
  rabl
  rails (= 4.1.3)
  rails-admin-scaffold
  rails-footnotes
  rails-i18n (~> 4.0.0)
  ransack
  route_translator
  rspec-rails
  sass
  sass-rails (~> 4.0.3)
  sdoc (~> 0.4.0)
  simple_form
  spork-rails!
  surveyor!
  surveyor_gui!
  terminal-notifier-guard
  thin
  twitter-bootstrap-rails
  uglifier (>= 1.3.0)
  will_paginate
